GEM
  remote: https://rubygems.org/
  specs:
    blankslate (2.1.2.4)
    concurrent-ruby (1.0.2)
    dotenv (2.1.1)
    parslet (1.5.0)
      blankslate (~> 2.0)
    proxies (0.2.1)
    rack (1.6.4)
    rack-protection (1.5.3)
      rack
    s3 (0.3.24)
      proxies (~> 0.2.0)
    sinatra (1.4.7)
      rack (~> 1.5)
      rack-protection (~> 1.4)
      tilt (>= 1.3, < 3)
    tilt (2.0.5)
    toml (0.1.2)
      parslet (~> 1.5.0)

PLATFORMS
  ruby

DEPENDENCIES
  concurrent-ruby (~> 1.0, >= 1.0.2)
  dotenv (~> 2.1, >= 2.1.1)
  s3 (~> 0.3.24)
  sinatra (~> 1.4, >= 1.4.7)
  toml (~> 0.1.2)

BUNDLED WITH
   1.10.6
