GEM
  remote: https://rubygems.org/
  specs:
    blankslate (2.1.2.4)
    concurrent-ruby (1.0.2)
    dotenv (2.1.1)
    glorify (0.5.0)
      nokogiri
      rdoc-rouge
      sinatra
    json (1.8.3)
    mini_portile2 (2.1.0)
    nokogiri (1.6.8)
      mini_portile2 (~> 2.1.0)
      pkg-config (~> 1.1.7)
    parslet (1.5.0)
      blankslate (~> 2.0)
    pkg-config (1.1.7)
    proxies (0.2.1)
    rack (1.6.4)
    rack-protection (1.5.3)
      rack
    rdoc (4.2.2)
      json (~> 1.4)
    rdoc-rouge (0.1.0)
      rdoc (~> 4.0)
      rouge (~> 0.3.0)
    rouge (0.3.10)
      thor
    s3 (0.3.24)
      proxies (~> 0.2.0)
    sinatra (1.4.7)
      rack (~> 1.5)
      rack-protection (~> 1.4)
      tilt (>= 1.3, < 3)
    thor (0.19.1)
    tilt (2.0.5)
    toml (0.1.2)
      parslet (~> 1.5.0)

PLATFORMS
  ruby

DEPENDENCIES
  concurrent-ruby (~> 1.0, >= 1.0.2)
  dotenv (~> 2.1, >= 2.1.1)
  glorify (~> 0.5.0)
  s3 (~> 0.3.24)
  sinatra (~> 1.4, >= 1.4.7)
  toml (~> 0.1.2)

BUNDLED WITH
   1.10.6
